GIT
  remote: https://github.com/a2ikm/sprockets.git
  revision: 3cbc6ea1c05884be10ac2b54484815ab0b0f6042
  branch: v4.0.0-verbose
  specs:
    sprockets (4.0.0)
      concurrent-ruby (~> 1.0)
      rack (> 1, < 3)

GEM
  remote: https://rubygems.org/
  specs:
    coffee-script (2.4.1)
      coffee-script-source
      execjs
    coffee-script-source (1.12.2)
    concurrent-ruby (1.1.6)
    eco (1.0.0)
      coffee-script
      eco-source
      execjs
    eco-source (1.1.0.rc.1)
    execjs (2.7.0)
    rack (2.2.2)

PLATFORMS
  ruby

DEPENDENCIES
  coffee-script
  eco
  sprockets (~> 4.0)!

BUNDLED WITH
   2.1.4
