GIT
  remote: https://github.com/a2ikm/sprockets.git
  revision: 121b0110af456b2174b0ee2300a30f95739b7f7a
  branch: v4.0.0-verbose
  specs:
    sprockets (4.0.0)
      concurrent-ruby (~> 1.0)
      rack (> 1, < 3)

GEM
  remote: https://rubygems.org/
  specs:
    byebug (11.1.3)
    coderay (1.1.3)
    coffee-script (2.4.1)
      coffee-script-source
      execjs
    coffee-script-source (1.12.2)
    concurrent-ruby (1.1.6)
    eco (1.0.0)
      coffee-script
      eco-source
      execjs
    eco-source (1.1.0.rc.1)
    execjs (2.7.0)
    method_source (1.0.0)
    pry (0.13.1)
      coderay (~> 1.1)
      method_source (~> 1.0)
    pry-byebug (3.9.0)
      byebug (~> 11.0)
      pry (~> 0.13.0)
    rack (2.2.3)

PLATFORMS
  ruby

DEPENDENCIES
  coffee-script
  eco
  pry-byebug
  sprockets (~> 4.0)!

BUNDLED WITH
   2.1.4
